GIT
  remote: git://github.com/Reprazent/janky.git
  revision: a96fc308dd7564fb95197ad0d63090e2d966e6e4
  specs:
    janky (0.9.14.rc1)
      activerecord (~> 3.2.0)
      broach (~> 0.2)
      mustache (~> 0.11)
      rake (~> 0.9.2)
      replicate (~> 1.4)
      sinatra (~> 1.3)
      sinatra_auth_github (~> 0.7.0)
      yajl-ruby (~> 1.1.0)

GEM
  remote: http://rubygems.org/
  specs:
    activemodel (3.2.12)
      activesupport (= 3.2.12)
      builder (~> 3.0.0)
    activerecord (3.2.12)
      activemodel (= 3.2.12)
      activesupport (= 3.2.12)
      arel (~> 3.0.2)
      tzinfo (~> 0.3.29)
    activesupport (3.2.12)
      i18n (~> 0.6)
      multi_json (~> 1.0)
    addressable (2.2.8)
    arel (3.0.2)
    broach (0.2.1)
      json (~> 1.4)
      nap (~> 0.3)
    builder (3.0.4)
    daemons (1.1.8)
    eventmachine (0.12.10)
    excon (0.14.1)
    faraday (0.8.5)
      multipart-post (~> 1.1)
    faraday_middleware (0.9.0)
      faraday (>= 0.7.4, < 0.9)
    hashie (1.2.0)
    heroku (2.28.0)
      heroku-api (~> 0.2.5)
      launchy (>= 0.3.2)
      netrc (~> 0.7.4)
      rest-client (~> 1.6.1)
      rubyzip
    heroku-api (0.2.6)
      excon (~> 0.14.0)
    i18n (0.6.1)
    json (1.7.7)
    launchy (2.1.0)
      addressable (~> 2.2.6)
    mime-types (1.21)
    multi_json (1.6.1)
    multipart-post (1.1.5)
    mustache (0.99.4)
    nap (0.5.1)
    netrc (0.7.4)
    oauth2 (0.5.2)
      faraday (~> 0.7)
      multi_json (~> 1.0)
    octokit (1.4.0)
      addressable (~> 2.2)
      faraday (~> 0.8)
      faraday_middleware (~> 0.8)
      hashie (~> 1.2)
      multi_json (~> 1.3)
    pg (0.13.2)
    rack (1.5.2)
    rack-protection (1.3.2)
      rack
    rake (0.9.6)
    replicate (1.5)
    rest-client (1.6.7)
      mime-types (>= 1.16)
    rubyzip (0.9.9)
    sinatra (1.3.4)
      rack (~> 1.4)
      rack-protection (~> 1.3)
      tilt (~> 1.3, >= 1.3.3)
    sinatra_auth_github (0.7.0)
      rest-client (~> 1.6.1)
      sinatra (~> 1.0)
      warden-github (~> 0.7.0)
      yajl-ruby (~> 1.1)
    thin (1.3.1)
      daemons (>= 1.0.9)
      eventmachine (>= 0.12.6)
      rack (>= 1.0.0)
    tilt (1.3.3)
    tzinfo (0.3.35)
    warden (1.2.1)
      rack (>= 1.0)
    warden-github (0.7.0)
      json (~> 1.5)
      oauth2 (~> 0.5.2)
      octokit (~> 1.4.0)
      rest-client (~> 1.6.1)
      warden (~> 1.0)
      yajl-ruby (~> 1.1)
    yajl-ruby (1.1.0)

PLATFORMS
  ruby

DEPENDENCIES
  heroku
  janky!
  pg
  thin
