GIT
  remote: git://github.com/pjaspers/janky.git
  revision: ce05fa26e8d0bd53c460fdf05974f586704daf31
  ref: ce05fa2
  specs:
    janky (0.9.0)
      activerecord (~> 3.1.0)
      broach (~> 0.2)
      mustache (~> 0.11)
      rake (~> 0.9.2)
      replicate (~> 1.4)
      sinatra (~> 1.3)
      sinatra_auth_github (~> 0.1.5)
      yajl-ruby (~> 0.8)

GEM
  remote: http://rubygems.org/
  specs:
    activemodel (3.1.3)
      activesupport (= 3.1.3)
      builder (~> 3.0.0)
      i18n (~> 0.6)
    activerecord (3.1.3)
      activemodel (= 3.1.3)
      activesupport (= 3.1.3)
      arel (~> 2.2.1)
      tzinfo (~> 0.3.29)
    activesupport (3.1.3)
      multi_json (~> 1.0)
    addressable (2.2.6)
    arel (2.2.1)
    broach (0.2.1)
      json (~> 1.4)
      nap (~> 0.3)
    builder (3.0.0)
    daemons (1.1.6)
    eventmachine (0.12.10)
    faraday (0.6.1)
      addressable (~> 2.2.4)
      multipart-post (~> 1.1.0)
      rack (< 2, >= 1.1.0)
    heroku (2.18.1)
      launchy (>= 0.3.2)
      rest-client (~> 1.6.1)
      rubyzip
      term-ansicolor (~> 1.0.5)
    i18n (0.6.0)
    json (1.6.5)
    launchy (2.0.5)
      addressable (~> 2.2.6)
    mime-types (1.17.2)
    multi_json (1.0.4)
    multipart-post (1.1.4)
    mustache (0.99.4)
    nap (0.4)
    oauth2 (0.4.1)
      faraday (~> 0.6.1)
      multi_json (>= 0.0.5)
    pg (0.12.2)
    rack (1.4.1)
    rack-protection (1.2.0)
      rack
    rake (0.9.2.2)
    replicate (1.4)
    rest-client (1.6.7)
      mime-types (>= 1.16)
    rubyzip (0.9.5)
    sinatra (1.3.2)
      rack (>= 1.3.6, ~> 1.3)
      rack-protection (~> 1.2)
      tilt (>= 1.3.3, ~> 1.3)
    sinatra_auth_github (0.1.5)
      rest-client (~> 1.6.1)
      sinatra (~> 1.0)
      warden-github (~> 0.1.1)
    term-ansicolor (1.0.7)
    thin (1.3.1)
      daemons (>= 1.0.9)
      eventmachine (>= 0.12.6)
      rack (>= 1.0.0)
    tilt (1.3.3)
    tzinfo (0.3.31)
    warden (1.0.6)
      rack (>= 1.0)
    warden-github (0.1.2)
      json (~> 1.5)
      oauth2 (~> 0.4.1)
      warden (~> 1.0.4)
    yajl-ruby (0.8.3)

PLATFORMS
  ruby

DEPENDENCIES
  heroku
  janky!
  pg
  thin
