GIT
  remote: git://github.com/Reprazent/janky.git
  revision: 76861478612a7a1e6c9b61efe823a7af5e0f0b89
  branch: 10to1-janky
  specs:
    janky (0.10.3)
      activerecord (~> 3.2.0)
      broach (~> 0.2)
      mustache (~> 0.11)
      rake (~> 10.0)
      replicate (~> 1.4)
      sinatra (~> 1.3)
      sinatra_auth_github (~> 1.0.0)
      yajl-ruby (~> 1.1.0)

GEM
  remote: http://rubygems.org/
  specs:
    activemodel (3.2.19)
      activesupport (= 3.2.19)
      builder (~> 3.0.0)
    activerecord (3.2.19)
      activemodel (= 3.2.19)
      activesupport (= 3.2.19)
      arel (~> 3.0.2)
      tzinfo (~> 0.3.29)
    activesupport (3.2.19)
      i18n (~> 0.6, >= 0.6.4)
      multi_json (~> 1.0)
    addressable (2.3.6)
    arel (3.0.3)
    broach (0.3.0)
      multi_json (~> 1.7)
      nap (~> 0.5)
    builder (3.0.4)
    excon (0.33.0)
    faraday (0.9.0)
      multipart-post (>= 1.2, < 3)
    heroku (3.7.3)
      heroku-api (~> 0.3.17)
      launchy (>= 0.3.2)
      netrc (~> 0.7.7)
      rest-client (~> 1.6.1)
      rqrcode (~> 0.4.2)
      rubyzip
      term-ansicolor (~> 1.3.0)
    heroku-api (0.3.18)
      excon (~> 0.27)
      multi_json (~> 1.8)
    i18n (0.6.11)
    kgio (2.9.3)
    launchy (2.4.2)
      addressable (~> 2.3)
    mime-types (2.2)
    multi_json (1.10.1)
    multipart-post (2.0.0)
    mustache (0.99.6)
    nap (0.8.0)
    netrc (0.7.7)
    octokit (3.4.0)
      sawyer (~> 0.5.3)
    pg (0.17.1)
    rack (1.5.2)
    rack-protection (1.5.3)
      rack
    raindrops (0.13.0)
    rake (10.3.2)
    replicate (1.5.1)
    rest-client (1.6.7)
      mime-types (>= 1.16)
    rqrcode (0.4.2)
    rubyzip (1.1.3)
    sawyer (0.5.5)
      addressable (~> 2.3.5)
      faraday (~> 0.8, < 0.10)
    shack (0.0.2)
    sinatra (1.4.5)
      rack (~> 1.4)
      rack-protection (~> 1.4)
      tilt (~> 1.3, >= 1.3.4)
    sinatra_auth_github (1.0.0)
      sinatra (~> 1.0)
      warden-github (~> 1.0)
    term-ansicolor (1.3.0)
      tins (~> 1.0)
    tilt (1.4.1)
    tins (1.3.0)
    tzinfo (0.3.41)
    unicorn (4.8.3)
      kgio (~> 2.6)
      rack
      raindrops (~> 0.7)
    warden (1.2.3)
      rack (>= 1.0)
    warden-github (1.0.2)
      octokit (> 2.1.0)
      warden (> 1.0)
    yajl-ruby (1.1.0)

PLATFORMS
  ruby

DEPENDENCIES
  heroku
  janky!
  pg
  shack (~> 0.0.2)
  unicorn (~> 4.8.3)
